GEM
  remote: https://rubygems.org/
  specs:
    json (2.7.2)
    mini_portile2 (2.8.7)
    nokogiri (1.16.7)
      mini_portile2 (~> 2.8.2)
      racc (~> 1.4)
    nokogiri (1.16.7-arm64-darwin)
      racc (~> 1.4)
    racc (1.8.1)

PLATFORMS
  arm64-darwin-23
  ruby

DEPENDENCIES
  json
  nokogiri

BUNDLED WITH
   2.5.17
